PATH
  remote: .
  specs:
    macho (0.0.1)

GEM
  remote: https://rubygems.org/
  specs:
    rake (13.0.1)

PLATFORMS
  ruby

DEPENDENCIES
  bundler (~> 1.3)
  macho!
  rake
